GIT
  remote: git://github.com/hanachin/itamae-plugin-recipe-rtn_rbenv.git
  revision: 455cfac2e27e3ec13977e8bc0b5f91419e49d40d
  branch: patch-1
  specs:
    itamae-plugin-recipe-rtn_rbenv (0.0.2)
      itamae (~> 1.0)

GEM
  remote: https://rubygems.org/
  specs:
    ansi (1.4.3)
    gviz (0.3.4)
      thor
    hashie (3.3.2)
    itamae (1.1.1)
      ansi
      hashie
      specinfra (~> 2.1)
      thor
    itamae-plugin-recipe-minecraft (0.0.4)
    itamae-plugin-recipe-oracle_jdk (0.0.2)
    net-scp (1.2.1)
      net-ssh (>= 2.6.5)
    net-ssh (2.9.1)
    specinfra (2.11.2)
      net-scp
      net-ssh
    thor (0.19.1)

PLATFORMS
  ruby

DEPENDENCIES
  gviz
  itamae
  itamae-plugin-recipe-minecraft
  itamae-plugin-recipe-oracle_jdk
  itamae-plugin-recipe-rtn_rbenv!
